PATH
  remote: .
  specs:
    gctools (0.2.3)

GEM
  remote: https://rubygems.org/
  specs:
    minitest (5.8.3)
    rake (10.1.0)
    rake-compiler (0.9.2)
      rake

PLATFORMS
  ruby

DEPENDENCIES
  gctools!
  minitest (~> 5.0)
  rake-compiler (~> 0.9)
